GEM
  specs:
    childprocess (3.0.0)
    nokogiri (1.11.1-x86_64-darwin)
      racc (~> 1.4)
    racc (1.5.2)
    rubyzip (2.3.0)
    selenium-webdriver (3.142.7)
      childprocess (>= 0.5, < 4.0)
      rubyzip (>= 1.2.2)
    webdrivers (4.6.0)
      nokogiri (~> 1.6)
      rubyzip (>= 1.3.0)
      selenium-webdriver (>= 3.0, < 4.0)

PLATFORMS
  ruby

DEPENDENCIES
  selenium-webdriver (~> 3.142, >= 3.142.7)
  webdrivers (~> 4.0)

BUNDLED WITH
   2.1.4
